PATH
  remote: .
  specs:
    tempest-time (0.1.0)
      httparty (~> 0.16)
      ruby-git
      thor (~> 0.20)

GEM
  remote: https://rubygems.org/
  specs:
    byebug (10.0.2)
    httparty (0.16.3)
      mime-types (~> 3.0)
      multi_xml (>= 0.5.2)
    mime-types (3.2.2)
      mime-types-data (~> 3.2015)
    mime-types-data (3.2018.0812)
    minitest (5.11.3)
    multi_xml (0.6.0)
    rake (10.5.0)
    ruby-git (0.2.2)
    thor (0.20.3)

PLATFORMS
  ruby

DEPENDENCIES
  bundler (~> 1.16)
  byebug
  minitest (~> 5.0)
  rake (~> 10.0)
  tempest-time!

BUNDLED WITH
   1.16.1
